GEM
  remote: https://rubygems.org/
  specs:
    commander (4.4.5)
      highline (~> 1.7.2)
    diff-lcs (1.3)
    highline (1.7.10)
    rake (12.3.1)
    rspec (3.7.0)
      rspec-core (~> 3.7.0)
      rspec-expectations (~> 3.7.0)
      rspec-mocks (~> 3.7.0)
    rspec-core (3.7.1)
      rspec-support (~> 3.7.0)
    rspec-expectations (3.7.0)
      diff-lcs (>= 1.2.0, < 2.0)
      rspec-support (~> 3.7.0)
    rspec-mocks (3.7.0)
      diff-lcs (>= 1.2.0, < 2.0)
      rspec-support (~> 3.7.0)
    rspec-support (3.7.1)

PLATFORMS
  ruby

DEPENDENCIES
  commander
  rake
  rspec

RUBY VERSION
   ruby 2.4.1p111

BUNDLED WITH
   1.16.2
